PATH
  remote: .
  specs:
    seri (0.1.5)
      appsignal (~> 2.7)
      oj (~> 3.7)

GEM
  remote: https://rubygems.org/
  specs:
    appsignal (2.9.5)
      rack
    diff-lcs (1.3)
    oj (3.7.11)
    rack (2.0.7)
    rake (10.5.0)
    rspec (3.8.0)
      rspec-core (~> 3.8.0)
      rspec-expectations (~> 3.8.0)
      rspec-mocks (~> 3.8.0)
    rspec-core (3.8.0)
      rspec-support (~> 3.8.0)
    rspec-expectations (3.8.2)
      diff-lcs (>= 1.2.0, < 2.0)
      rspec-support (~> 3.8.0)
    rspec-mocks (3.8.0)
      diff-lcs (>= 1.2.0, < 2.0)
      rspec-support (~> 3.8.0)
    rspec-support (3.8.0)

PLATFORMS
  ruby

DEPENDENCIES
  bundler (~> 1.16)
  rake (~> 10.0)
  rspec (~> 3.0)
  seri!

BUNDLED WITH
   1.16.2
